GEM
  remote: https://rubygems.org/
  specs:
    backports (3.6.8)
    multi_json (1.11.2)
    passenger (6.0.4)
      rack
      rake (>= 0.8.1)
    rack (1.6.11)
    rack-protection (1.5.5)
      rack
    rack-test (0.6.3)
      rack (>= 1.0)
    rake (13.0.0)
    sinatra (1.4.7)
      rack (~> 1.5)
      rack-protection (~> 1.4)
      tilt (>= 1.3, < 3)
    sinatra-contrib (1.4.6)
      backports (>= 2.0)
      multi_json
      rack-protection
      rack-test
      sinatra (~> 1.4.0)
      tilt (>= 1.3, < 3)
    tilt (2.0.2)

PLATFORMS
  ruby

DEPENDENCIES
  passenger (>= 5.0.11)
  sinatra
  sinatra-contrib

BUNDLED WITH
   1.10.5
